GEM
  remote: https://rubygems.org/
  specs:
    bigdecimal (1.3.5)
    coderay (1.1.3)
    method_source (1.0.0)
    minitest (4.7.5)
    pastel (0.8.0)
      tty-color (~> 0.5)
    power_assert (2.0.1)
    pry (0.14.1)
      coderay (~> 1.1)
      method_source (~> 1.0)
    rake (13.0.6)
    test-unit (3.5.0)
      power_assert
    tty-color (0.6.0)
    tty-cursor (0.7.1)
    tty-prompt (0.23.1)
      pastel (~> 0.8)
      tty-reader (~> 0.8)
    tty-reader (0.9.0)
      tty-cursor (~> 0.7)
      tty-screen (~> 0.8)
      wisper (~> 2.0)
    tty-screen (0.8.1)
    wisper (2.0.1)

PLATFORMS
  x86_64-linux

DEPENDENCIES
  bigdecimal (= 1.3.5)
  minitest (~> 4.0)
  pry (~> 0.14.1)
  rake
  test-unit (~> 3.1, >= 3.1.8)
  tty-prompt

BUNDLED WITH
   2.2.30
